GIT
  remote: git://github.com/LewisJA/foreman-export-initscript.git
  revision: 12d681aafc0ba33208120bb29671e222e7dffd75
  specs:
    foreman-export-initscript (0.0.1)
      foreman

GIT
  remote: git://github.com/boblail/remotable.git
  revision: 764eed5f1febf207ab51025d152c59bf95bc01ff
  specs:
    remotable (0.2.3)
      activerecord
      activeresource
      activesupport

GIT
  remote: https://github.com/houstonmc/devise_ldap_authenticatable.git
  revision: add6b13f927ff3cccb58e34f7c0eb88efc8e8ea9
  specs:
    devise_ldap_authenticatable (0.7.0)
      devise (~> 2.0)
      net-ldap (~> 0.2)

PATH
  remote: ../houston-scheduler
  specs:
    houston-scheduler (0.0.1)
      coffee-rails (~> 3.2.1)
      handlebars_assets
      rails (~> 3.2.9)
      sass-rails (~> 3.2.3)

GEM
  remote: http://rubygems.org/
  specs:
    actionmailer (3.2.12)
      actionpack (= 3.2.12)
      mail (~> 2.4.4)
    actionpack (3.2.12)
      activemodel (= 3.2.12)
      activesupport (= 3.2.12)
      builder (~> 3.0.0)
      erubis (~> 2.7.0)
      journey (~> 1.0.4)
      rack (~> 1.4.5)
      rack-cache (~> 1.2)
      rack-test (~> 0.6.1)
      sprockets (~> 2.2.1)
    activemodel (3.2.12)
      activesupport (= 3.2.12)
      builder (~> 3.0.0)
    activerecord (3.2.12)
      activemodel (= 3.2.12)
      activesupport (= 3.2.12)
      arel (~> 3.0.2)
      tzinfo (~> 0.3.29)
    activerecord-postgres-hstore (0.7.5)
      activerecord (>= 3.1)
      pg-hstore (>= 1.1.5)
      rake
    activeresource (3.2.12)
      activemodel (= 3.2.12)
      activesupport (= 3.2.12)
    activesupport (3.2.12)
      i18n (~> 0.6)
      multi_json (~> 1.0)
    addressable (2.3.3)
    airbrake (3.1.8)
      activesupport
      builder
      json
    airbrake_user_attributes (0.1.6)
      airbrake (~> 3.1.0)
    ansi (1.4.3)
    arel (3.0.2)
    backbone-rails (0.9.10)
      rails (>= 3.0.0)
    bcrypt-ruby (3.0.1)
    better_errors (0.7.0)
      coderay (>= 1.0.0)
      erubis (>= 2.6.6)
    bluecloth (2.2.0)
    builder (3.0.4)
    cancan (1.6.9)
    childprocess (0.3.9)
      ffi (~> 1.0, >= 1.0.11)
    chronic (0.9.1)
    ci_reporter (1.8.4)
      builder (>= 2.1.2)
    coderay (1.0.9)
    coffee-rails (3.2.2)
      coffee-script (>= 2.2.0)
      railties (~> 3.2.0)
    coffee-script (2.2.0)
      coffee-script-source
      execjs
    coffee-script-source (1.6.1)
    commonjs (0.2.6)
    css_parser (1.2.6)
      addressable
      rdoc
    daemons (1.1.9)
    default_value_for (2.0.1)
    devise (2.2.3)
      bcrypt-ruby (~> 3.0)
      orm_adapter (~> 0.1)
      railties (~> 3.1)
      warden (~> 1.2.1)
    devise_invitable (1.1.6)
      actionmailer (~> 3.0)
      devise (>= 2.1.2)
      railties (~> 3.0)
    erubis (2.7.0)
    eventmachine (1.0.3)
    execjs (1.4.0)
      multi_json (~> 1.0)
    faraday (0.8.6)
      multipart-post (~> 1.1)
    ffi (1.4.0)
    font-awesome-rails (3.0.2.0)
      railties (>= 3.1)
    foreman (0.62.0)
      thor (>= 0.13.6)
    gemoji (1.4.0)
    googlecharts (1.6.8)
    handlebars_assets (0.8.2)
      execjs (>= 1.2.9)
      sprockets (>= 2.0.3)
      tilt
    hike (1.2.1)
    hpricot (0.8.6)
    htmlentities (4.3.1)
    i18n (0.6.4)
    journey (1.0.4)
    jquery-rails (2.2.1)
      railties (>= 3.0, < 5.0)
      thor (>= 0.14, < 2.0)
    json (1.7.7)
    launchy (2.2.0)
      addressable (~> 2.3)
    less (2.3.1)
      commonjs (~> 0.2.6)
    less-rails (2.3.2)
      actionpack (>= 3.1)
      less (~> 2.3.1)
    letter_opener (1.1.0)
      launchy (~> 2.2.0)
    libv8 (3.11.8.13)
    mail (2.4.4)
      i18n (>= 0.4.0)
      mime-types (~> 1.16)
      treetop (~> 1.4.8)
    meta_request (0.2.2)
      rack-contrib
      railties
    method_source (0.8.1)
    mime-types (1.21)
    minitest (4.6.2)
    multi_json (1.6.1)
    multipart-post (1.2.0)
    net-ldap (0.3.1)
    nokogiri (1.5.6)
    orm_adapter (0.4.0)
    pg (0.14.1)
    pg-hstore (1.1.7)
    polyglot (0.3.3)
    premailer (1.7.3)
      css_parser (>= 1.1.9)
      htmlentities (>= 4.0.0)
    pry (0.9.12)
      coderay (~> 1.0.5)
      method_source (~> 0.8)
      slop (~> 3.4)
    rack (1.4.5)
    rack-cache (1.2)
      rack (>= 0.4)
    rack-contrib (1.1.0)
      rack (>= 0.9.1)
    rack-mini-profiler (0.1.23)
      rack (>= 1.1.3)
    rack-protection (1.4.0)
      rack
    rack-ssl (1.3.3)
      rack
    rack-test (0.6.2)
      rack (>= 1.0)
    rails (3.2.12)
      actionmailer (= 3.2.12)
      actionpack (= 3.2.12)
      activerecord (= 3.2.12)
      activeresource (= 3.2.12)
      activesupport (= 3.2.12)
      bundler (~> 1.0)
      railties (= 3.2.12)
    railties (3.2.12)
      actionpack (= 3.2.12)
      activesupport (= 3.2.12)
      rack-ssl (~> 1.3.2)
      rake (>= 0.8.7)
      rdoc (~> 3.4)
      thor (>= 0.14.6, < 2.0)
    rake (10.0.3)
    rdoc (3.12.2)
      json (~> 1.4)
    redis (3.0.3)
    redis-namespace (1.2.1)
      redis (~> 3.0.0)
    ref (1.0.2)
    resque (1.23.1)
      multi_json (~> 1.0)
      redis-namespace (~> 1.0)
      sinatra (>= 0.9.2)
      vegas (~> 0.1.2)
    rr (1.0.4)
    rugged (0.17.0.b7)
    sass (3.2.6)
    sass-rails (3.2.6)
      railties (~> 3.2.0)
      sass (>= 3.1.10)
      tilt (~> 1.3)
    simplecov (0.7.1)
      multi_json (~> 1.0)
      simplecov-html (~> 0.7.1)
    simplecov-html (0.7.1)
    simplecov-json (0.1.1)
      json
      simplecov
    sinatra (1.3.5)
      rack (~> 1.4)
      rack-protection (~> 1.3)
      tilt (~> 1.3, >= 1.3.3)
    slop (3.4.3)
    sprockets (2.2.2)
      hike (~> 1.2)
      multi_json (~> 1.0)
      rack (~> 1.0)
      tilt (~> 1.1, != 1.3.0)
    sugar-rails (1.3.7)
      railties (>= 3.0.0)
    therubyracer (0.11.4)
      libv8 (~> 3.11.8.12)
      ref
    thin (1.5.0)
      daemons (>= 1.0.9)
      eventmachine (>= 0.12.6)
      rack (>= 1.0.0)
    thor (0.17.0)
    tilt (1.3.4)
    treetop (1.4.12)
      polyglot
      polyglot (>= 0.3.1)
    turbo-sprockets-rails3 (0.3.6)
      railties (> 3.2.8, < 4.0.0)
      sprockets (>= 2.0.0)
    turn (0.9.6)
      ansi
    twitter-bootstrap-rails (2.2.6)
      actionpack (>= 3.1)
      execjs
      railties (>= 3.1)
    tzinfo (0.3.36)
    uglifier (1.3.0)
      execjs (>= 0.3.0)
      multi_json (~> 1.0, >= 1.0.2)
    vegas (0.1.11)
      rack (>= 1.0.0)
    warden (1.2.1)
      rack (>= 1.0)
    whenever (0.8.2)
      activesupport (>= 2.3.4)
      chronic (>= 0.6.3)
    yajl-ruby (1.1.0)

PLATFORMS
  ruby

DEPENDENCIES
  activerecord-postgres-hstore
  addressable
  airbrake_user_attributes
  backbone-rails
  better_errors
  bluecloth
  bundler
  cancan
  childprocess
  ci_reporter
  coffee-rails (~> 3.2.1)
  default_value_for
  devise (~> 2.2.3)
  devise_invitable (~> 1.1.6)
  devise_ldap_authenticatable!
  faraday
  font-awesome-rails
  foreman
  foreman-export-initscript!
  gemoji
  googlecharts
  handlebars_assets (= 0.8.2)
  houston-scheduler!
  hpricot
  jquery-rails
  less-rails
  letter_opener
  meta_request
  minitest
  nokogiri
  pg
  premailer
  pry
  rack-mini-profiler
  rails (= 3.2.12)
  remotable (>= 0.2.2)!
  resque
  rr
  rugged (= 0.17.0.b7)
  sass-rails (~> 3.2.3)
  simplecov
  simplecov-json
  sugar-rails
  therubyracer
  thin
  turbo-sprockets-rails3 (>= 0.3.6)
  turn
  twitter-bootstrap-rails
  uglifier (>= 1.0.3)
  whenever
  yajl-ruby
